{
	"Modality": "MR",
	"Manufacturer": "Philips",
	"ManufacturersModelName": "Achieva",
	"EchoTrainLength": 55,
	"AcquisitionNumber": 6,
	"InstitutionName": "Spinoza_Centre",
	"InstitutionAddress": "Amsterdam",
	"DeviceSerialNumber": "00076",
	"SoftwareVersions": "5.1.7_5.1.7.0",
	"ProcedureStepDescription": "TK_CB_prf1",
	"ScanningSequence": "GR",
	"SequenceVariant": "SK",
	"SeriesDescription": "MB2_TU",
	"ProtocolName": "MB2_TU",
	"ImageType": ["ORIGINAL", "PRIMARY", "M", "FFE", "M", "FFE"],
	"AcquisitionTime": "12:11:57.170000",
	"PhilipsRescaleSlope": 3.53455,
	"PhilipsRescaleIntercept": 0,
	"PhilipsScaleSlope": 0.00290934,
	"UsePhilipsFloatNotDisplayScaling": 1,
	"MagneticFieldStrength": 7,
	"FlipAngle": 60,
	"EchoTime": 0.025995,
	"RepetitionTime": 1.5,
	"PhaseEncodingLines": 124,
	"ConversionSoftware": "dcm2niix",
	"ConversionSoftwareVersion": "v1.0.20170818 (OpenJPEG build) GCC4.8.4",
	"IntendedFor": ["ses-01/func/sub-02_ses-01_task-prf_run-01_bold.nii.gz", "ses-01/func/sub-02_ses-01_task-prf_run-02_bold.nii.gz"],
	"EPIFactor": 55,
	"PhaseEncodingDirection": "j-",
	"WaterFatShift": 47.938,
	"TotalReadoutTime": 0.01
}
