{
    "AcquisitionNumber": 6,
    "AcquisitionTime": "10:03:53.700000",
    "ConversionSoftware": "dcm2niix",
    "ConversionSoftwareVersion": "v1.0.20170818 (OpenJPEG build) GCC4.8.4",
    "DeviceSerialNumber": "00076",
    "EPIFactor": 55,
    "EchoTime": 0.022001,
    "EchoTrainLength": 53,
    "EffectiveEchoSpacing": 0.0008602736372914211,
    "FlipAngle": 62,
    "ImageType": [
        "ORIGINAL",
        "PRIMARY",
        "M",
        "FFE",
        "M",
        "FFE"
    ],
    "InstitutionAddress": "Amsterdam",
    "InstitutionName": "Spinoza_Centre",
    "MagneticFieldStrength": 7,
    "Manufacturer": "Philips",
    "ManufacturersModelName": "Achieva",
    "Modality": "MR",
    "MultibandAccelerationFactor": 2,
    "ParallelAcquisitionTechnique": "SENSE",
    "ParallelReductionFactorInPlane": 2.2,
    "PhaseEncodingDirection": "j",
    "PhaseEncodingLines": 110,
    "PhilipsRescaleIntercept": 0,
    "PhilipsRescaleSlope": 3.34335,
    "PhilipsScaleSlope": 0.00241529,
    "ProtocolName": "2.0_MB2_S2.0_TR1.5",
    "RepetitionTime": 1.5,
    "ScanningSequence": "GR",
    "SequenceVariant": "SK",
    "SeriesDescription": "2.0_MB2_S2.0_TR1.5",
    "SliceTiming": [
        0,
        0.06,
        0.12,
        0.18,
        0.24,
        0.3,
        0.36,
        0.42,
        0.48,
        0.54,
        0.6,
        0.66,
        0.72,
        0.78,
        0.84,
        0.9,
        0.96,
        1.02,
        1.08,
        1.14,
        1.2,
        1.26,
        1.32,
        1.38,
        1.44,
        0,
        0.06,
        0.12,
        0.18,
        0.24,
        0.3,
        0.36,
        0.42,
        0.48,
        0.54,
        0.6,
        0.66,
        0.72,
        0.78,
        0.84,
        0.9,
        0.96,
        1.02,
        1.08,
        1.14,
        1.2,
        1.26,
        1.32,
        1.38,
        1.44
    ],
    "SoftwareVersions": "5.1.7_5.1.7.0",
    "TaskName": "prf",
    "TotalReadoutTime": 0.01,
    "UsePhilipsFloatNotDisplayScaling": 1,
    "WaterFatShift": 47.938
}