{
	"Modality": "MR",
	"Manufacturer": "Philips",
	"ManufacturersModelName": "Achieva",
	"EchoTrainLength": 53,
	"AcquisitionNumber": 20,
	"InstitutionName": "Spinoza_Centre",
	"InstitutionAddress": "Amsterdam",
	"DeviceSerialNumber": "00076",
	"SoftwareVersions": "5.1.7_5.1.7.0",
	"ProcedureStepDescription": "DE_cer_prf_2",
	"ScanningSequence": "GR",
	"SequenceVariant": "SK",
	"SeriesDescription": "2.0_MB2_S2.0_TR1.5_TU",
	"ProtocolName": "2.0_MB2_S2.0_TR1.5_TU",
	"ImageType": ["ORIGINAL", "PRIMARY", "M", "FFE", "M", "FFE"],
	"AcquisitionTime": "10:19:28.460000",
	"PhilipsRescaleSlope": 2.51551,
	"PhilipsRescaleIntercept": 0,
	"PhilipsScaleSlope": 0.00243884,
	"UsePhilipsFloatNotDisplayScaling": 1,
	"MagneticFieldStrength": 7,
	"FlipAngle": 62,
	"EchoTime": 0.022001,
	"RepetitionTime": 1.5,
	"PhaseEncodingLines": 110,
	"ConversionSoftware": "dcm2niix",
	"ConversionSoftwareVersion": "v1.0.20170818 (OpenJPEG build) GCC4.8.4",
	"IntendedFor": ["ses-02/func/sub-01_ses-02_task-prf_run-09_bold.nii.gz"],
	"PhaseEncodingDirection": "j-",
	"TotalReadoutTime": 0.01	
}
