{
	"Modality": "MR",
	"Manufacturer": "Philips",
	"ManufacturersModelName": "Achieva",
	"EchoTrainLength": 53,
	"AcquisitionNumber": 18,
	"InstitutionName": "Spinoza_Centre",
	"InstitutionAddress": "Amsterdam",
	"DeviceSerialNumber": "00076",
	"SoftwareVersions": "5.1.7_5.1.7.0",
	"ScanningSequence": "GR",
	"SequenceVariant": "SK",
	"SeriesDescription": "2.0_MB2_S2.0_TR1.5_TU",
	"ProtocolName": "2.0_MB2_S2.0_TR1.5_TU",
	"ImageType": ["ORIGINAL", "PRIMARY", "M", "FFE", "M", "FFE"],
	"AcquisitionTime": "15:52:18.430000",
	"PhilipsRescaleSlope": 2.54481,
	"PhilipsRescaleIntercept": 0,
	"PhilipsScaleSlope": 0.00245803,
	"UsePhilipsFloatNotDisplayScaling": 1,
	"MagneticFieldStrength": 7,
	"FlipAngle": 62,
	"EchoTime": 0.022001,
	"RepetitionTime": 1.5,
	"PhaseEncodingLines": 110,
	"ConversionSoftware": "dcm2niix",
	"ConversionSoftwareVersion": "v1.0.20170818 (OpenJPEG build) GCC4.8.4",
	"IntendedFor": ["ses-03/func/sub-03_ses-03_task-prf_run-07_bold.nii.gz","ses-03/func/sub-03_ses-03_task-prf_run-08_bold.nii.gz"],
	"PhaseEncodingDirection": "j-",
	"TotalReadoutTime": 0.01		
}
