{
	"Modality": "MR",
	"MagneticFieldStrength": 7,
	"Manufacturer": "Philips",
	"ManufacturersModelName": "Achieva",
	"InstitutionName": "Spinoza_Centre",
	"InstitutionalDepartmentName": "Spinoza_Centre",
	"InstitutionAddress": "Amsterdam",
	"DeviceSerialNumber": "00076",
	"StationName": "PHILIPSMR",
	"PatientPosition": "HFS",
	"ProcedureStepDescription": "wz_cer_prf",
	"SoftwareVersions": "5.1.7_5.1.7.0",
	"MRAcquisitionType": "2D",
	"SeriesDescription": "MB2_TU",
	"ProtocolName": "MB2_TU",
	"ScanningSequence": "GR",
	"SequenceVariant": "SK",
	"ScanOptions": "OTHER",
	"ImageType": ["ORIGINAL", "PRIMARY", "M", "FFE", "M", "FFE"],
	"SeriesNumber": 2001,
	"AcquisitionTime": "17:56:15.510000",
	"AcquisitionNumber": 20,
	"PhilipsRescaleSlope": 6.53407,
	"PhilipsRescaleIntercept": 0,
	"PhilipsScaleSlope": 0.00294084,
	"UsePhilipsFloatNotDisplayScaling": 1,
	"SliceThickness": 1.6,
	"SpacingBetweenSlices": 1.6,
	"SAR": 0.60772,
	"EchoTime": 0.025995,
	"RepetitionTime": 1.5,
	"FlipAngle": 60,
	"PercentPhaseFOV": 96.7742,
	"EchoTrainLength": 55,
	"PhaseEncodingSteps": 124,
	"AcquisitionMatrixPE": 124,
	"ReconMatrixPE": 128,
	"PixelBandwidth": 1573,
	"PhaseEncodingAxis": "j",
	"ImageOrientationPatientDICOM": [
		0.999237,
		0.0216851,
		-0.0324851,
		-0.0296229,
		-0.121308,
		-0.992173	],
	"InPlanePhaseEncodingDirectionDICOM": "COL",
	"ConversionSoftware": "dcm2niix",
	"ConversionSoftwareVersion": "v1.0.20180622 (JP2:OpenJPEG) GCC6.1.0",
	"IntendedFor": ["ses-01/func/sub-03_ses-01_task-prf_run-09_bold.nii.gz", "ses-01/func/sub-03_ses-01_task-prf_run-10_bold.nii.gz"],
	"EPIFactor": 55,
	"PhaseEncodingDirection": "j-",
	"WaterFatShift": 47.938,
	"TotalReadoutTime": 0.01
}
