{
    "AcquisitionMatrixPE": 124,
    "AcquisitionNumber": 5,
    "AcquisitionTime": "17:12:38.620000",
    "ConversionSoftware": "dcm2niix",
    "ConversionSoftwareVersion": "v1.0.20180622 (JP2:OpenJPEG) GCC6.1.0",
    "DeviceSerialNumber": "00076",
    "EPIFactor": 55,
    "EchoTime": 0.025995,
    "EchoTrainLength": 55,
    "EffectiveEchoSpacing": 0.0008602736372914211,
    "FlipAngle": 62,
    "ImageOrientationPatientDICOM": [
        0.999237,
        0.0216851,
        -0.0324851,
        -0.0296229,
        -0.121308,
        -0.992173
    ],
    "ImageType": [
        "ORIGINAL",
        "PRIMARY",
        "M",
        "FFE",
        "M",
        "FFE"
    ],
    "InPlanePhaseEncodingDirectionDICOM": "COL",
    "InstitutionAddress": "Amsterdam",
    "InstitutionName": "Spinoza_Centre",
    "InstitutionalDepartmentName": "Spinoza_Centre",
    "MRAcquisitionType": "2D",
    "MagneticFieldStrength": 7,
    "Manufacturer": "Philips",
    "ManufacturersModelName": "Achieva",
    "Modality": "MR",
    "MultibandAccelerationFactor": 2,
    "ParallelAcquisitionTechnique": "SENSE",
    "ParallelReductionFactorInPlane": 2.2,
    "PatientPosition": "HFS",
    "PercentPhaseFOV": 96.7742,
    "PhaseEncodingAxis": "j",
    "PhaseEncodingDirection": "j",
    "PhaseEncodingLines": 110,
    "PhaseEncodingSteps": 124,
    "PhilipsRescaleIntercept": 0,
    "PhilipsRescaleSlope": 7.36386,
    "PhilipsScaleSlope": 0.00291242,
    "PixelBandwidth": 1573,
    "ProcedureStepDescription": "wz_cer_prf",
    "ProtocolName": "MB2",
    "ReconMatrixPE": 128,
    "RepetitionTime": 1.5,
    "SAR": 0.60772,
    "ScanOptions": "OTHER",
    "ScanningSequence": "GR",
    "SequenceVariant": "SK",
    "SeriesDescription": "MB2",
    "SeriesNumber": 501,
    "SliceThickness": 1.6,
    "SliceTiming": [
        0,
        0.06,
        0.12,
        0.18,
        0.24,
        0.3,
        0.36,
        0.42,
        0.48,
        0.54,
        0.6,
        0.66,
        0.72,
        0.78,
        0.84,
        0.9,
        0.96,
        1.02,
        1.08,
        1.14,
        1.2,
        1.26,
        1.32,
        1.38,
        1.44,
        0,
        0.06,
        0.12,
        0.18,
        0.24,
        0.3,
        0.36,
        0.42,
        0.48,
        0.54,
        0.6,
        0.66,
        0.72,
        0.78,
        0.84,
        0.9,
        0.96,
        1.02,
        1.08,
        1.14,
        1.2,
        1.26,
        1.32,
        1.38,
        1.44
    ],
    "SoftwareVersions": "5.1.7_5.1.7.0",
    "SpacingBetweenSlices": 1.6,
    "StationName": "PHILIPSMR",
    "TaskName": "prf",
    "TotalReadoutTime": 0.01,
    "UsePhilipsFloatNotDisplayScaling": 1,
    "WaterFatShift": 47.938
}